GEM
  remote: https://rubygems.org/
  specs:
    redcarpet (3.3.1)

PLATFORMS
  ruby

DEPENDENCIES
  redcarpet
