GEM
  remote: https://rubygems.org/
  specs:
    activesupport (7.0.2.3)
      concurrent-ruby (~> 1.0, >= 1.0.2)
      i18n (>= 1.6, < 2)
      minitest (>= 5.1)
      tzinfo (~> 2.0)
    concurrent-ruby (1.1.10)
    i18n (1.10.0)
      concurrent-ruby (~> 1.0)
    minitest (5.15.0)
    redcarpet (3.5.1)
    tzinfo (2.0.4)
      concurrent-ruby (~> 1.0)
    wicked_pdf (2.1.0)
      activesupport
    wkhtmltopdf-binary (0.12.6.5)

PLATFORMS
  ruby

DEPENDENCIES
  redcarpet
  wicked_pdf
  wkhtmltopdf-binary

RUBY VERSION
   ruby 3.1.1p18

BUNDLED WITH
   2.3.8
